GEM
  remote: https://rubygems.org/
  specs:
    beefcake (1.0.0)
    diff-lcs (1.2.5)
    mtrc (0.0.4)
    puma (2.10.2)
      rack (>= 1.1, < 2.0)
    rack (1.6.0)
    rack-protection (1.5.3)
      rack
    rack-test (0.6.2)
      rack (>= 1.0)
    riemann-client (0.2.5)
      beefcake (>= 0.3.5)
      mtrc (>= 0.0.4)
      trollop (>= 1.16.2)
    rspec (3.2.0)
      rspec-core (~> 3.2.0)
      rspec-expectations (~> 3.2.0)
      rspec-mocks (~> 3.2.0)
    rspec-core (3.2.2)
      rspec-support (~> 3.2.0)
    rspec-expectations (3.2.0)
      diff-lcs (>= 1.2.0, < 2.0)
      rspec-support (~> 3.2.0)
    rspec-mocks (3.2.1)
      diff-lcs (>= 1.2.0, < 2.0)
      rspec-support (~> 3.2.0)
    rspec-support (3.2.2)
    sinatra (1.4.5)
      rack (~> 1.4)
      rack-protection (~> 1.4)
      tilt (~> 1.3, >= 1.3.4)
    tilt (1.4.1)
    trollop (2.1.2)

PLATFORMS
  ruby

DEPENDENCIES
  puma
  rack-test
  riemann-client
  rspec
  sinatra
